GEM
  remote: https://rubygems.org/
  specs:
    daemons (1.4.1)
    redcarpet (3.5.1)

PLATFORMS
  x86_64-linux

DEPENDENCIES
  daemons (~> 1.4)
  redcarpet

BUNDLED WITH
   2.3.23
